GEM
  remote: https://rubygems.org/
  remote: https://gem.fury.io/lampogroup/
  specs:
    apophenia_field_dictionary_core (0.33.0)
    apophenia_field_dictionary_qa_test (0.0.0.pre)
    apophenia_logger (0.1.0)
      docile (~> 1.1.5)
    ast (2.3.0)
    coderay (1.1.1)
    diff-lcs (1.3)
    docile (1.1.5)
    dotenv (2.2.1)
    logstash-event (1.2.02)
    logstash-logger (0.25.1)
      logstash-event (~> 1.2)
    method_source (0.8.2)
    parallel (1.12.0)
    parser (2.4.0.0)
      ast (~> 2.2)
    powerpack (0.1.1)
    pry (0.10.4)
      coderay (~> 1.1.0)
      method_source (~> 0.8.1)
      slop (~> 3.4)
    rainbow (2.2.2)
      rake
    rake (12.0.0)
    ramsey_cop (0.3.0)
      rubocop (~> 0.49)
    remote_syslog_logger (1.0.3)
      syslog_protocol
    rspec (3.6.0)
      rspec-core (~> 3.6.0)
      rspec-expectations (~> 3.6.0)
      rspec-mocks (~> 3.6.0)
    rspec-core (3.6.0)
      rspec-support (~> 3.6.0)
    rspec-expectations (3.6.0)
      diff-lcs (>= 1.2.0, < 2.0)
      rspec-support (~> 3.6.0)
    rspec-mocks (3.6.0)
      diff-lcs (>= 1.2.0, < 2.0)
      rspec-support (~> 3.6.0)
    rspec-support (3.6.0)
    rubocop (0.49.1)
      parallel (~> 1.10)
      parser (>= 2.3.3.1, < 3.0)
      powerpack (~> 0.1)
      rainbow (>= 1.99.1, < 3.0)
      ruby-progressbar (~> 1.7)
      unicode-display_width (~> 1.0, >= 1.0.1)
    ruby-progressbar (1.8.1)
    slop (3.6.0)
    syslog_protocol (0.9.2)
    unicode-display_width (1.3.0)

PLATFORMS
  ruby

DEPENDENCIES
  apophenia_field_dictionary_core (= 0.33.0)!
  apophenia_field_dictionary_qa_test (= 0.0.0.pre)!
  apophenia_logger (= 0.1.0)!
  dotenv
  logstash-logger (= 0.25.1)
  pry
  ramsey_cop (= 0.3.0)!
  remote_syslog_logger (= 1.0.3)
  rspec (= 3.6.0)

BUNDLED WITH
   1.14.6
